GEM
  remote: https://rubygems.org/
  specs:
    axiom-types (0.0.5)
      descendants_tracker (~> 0.0.1)
      ice_nine (~> 0.9)
    backports (3.3.5)
    builder (3.2.2)
    coderay (1.0.9)
    coercible (0.2.0)
      backports (~> 3.0, >= 3.1.0)
      descendants_tracker (~> 0.0.1)
    descendants_tracker (0.0.3)
    equalizer (0.0.7)
    excon (0.27.6)
    fog (1.17.0)
      builder
      excon (~> 0.27.0)
      formatador (~> 0.2.0)
      mime-types
      multi_json (~> 1.0)
      net-scp (~> 1.1)
      net-ssh (>= 2.1.3)
      nokogiri (~> 1.5)
      ruby-hmac
    formatador (0.2.4)
    ice_nine (0.10.0)
    method_source (0.8.1)
    mime-types (2.0)
    mini_portile (0.5.2)
    multi_json (1.8.2)
    net-scp (1.1.2)
      net-ssh (>= 2.6.5)
    net-ssh (2.7.0)
    nokogiri (1.6.0)
      mini_portile (~> 0.5.0)
    pipely (0.0.1)
      rake
      ruby-graphviz
      virtus
    pry (0.9.12.2)
      coderay (~> 1.0.5)
      method_source (~> 0.8)
      slop (~> 3.4)
    rake (10.1.0)
    ruby-graphviz (1.0.9)
    ruby-hmac (0.4.0)
    slop (3.4.5)
    virtus (1.0.0)
      axiom-types (~> 0.0.5)
      coercible (~> 0.2)
      descendants_tracker (~> 0.0.1)
      equalizer (~> 0.0.7)

PLATFORMS
  ruby

DEPENDENCIES
  fog
  pipely
  pry
  rake
